GIT
  remote: git://github.com/evansagge/mongoid-rspec.git
  revision: cc184b8b41f3e5bac4e769444f633e9d7cf2b294
  specs:
    mongoid-rspec (1.4.5)
      mongoid (>= 2.4.6)
      rake
      rspec (>= 2.9)

GIT
  remote: git://github.com/nmerouze/machinist_mongo.git
  revision: fa4819c4e1233a4e3ce527b68af8aeee85dfc6c3
  branch: machinist2
  specs:
    machinist_mongo (2.0.0.beta.1)
      machinist (~> 2.0.0.beta2)

PATH
  remote: .
  specs:
    transit (0.1.0)
      bson (~> 1.6)
      bson_ext (~> 1.6)
      mongo (~> 1.6)
      mongoid (~> 2.4)
      mongoid-tree (~> 0.6)
      paperclip (~> 2.4)
      rails (>= 3.1)

GEM
  remote: http://rubygems.org/
  specs:
    actionmailer (3.2.3)
      actionpack (= 3.2.3)
      mail (~> 2.4.4)
    actionpack (3.2.3)
      activemodel (= 3.2.3)
      activesupport (= 3.2.3)
      builder (~> 3.0.0)
      erubis (~> 2.7.0)
      journey (~> 1.0.1)
      rack (~> 1.4.0)
      rack-cache (~> 1.2)
      rack-test (~> 0.6.1)
      sprockets (~> 2.1.2)
    activemodel (3.2.3)
      activesupport (= 3.2.3)
      builder (~> 3.0.0)
    activerecord (3.2.3)
      activemodel (= 3.2.3)
      activesupport (= 3.2.3)
      arel (~> 3.0.2)
      tzinfo (~> 0.3.29)
    activeresource (3.2.3)
      activemodel (= 3.2.3)
      activesupport (= 3.2.3)
    activesupport (3.2.3)
      i18n (~> 0.6)
      multi_json (~> 1.0)
    arel (3.0.2)
    bson (1.6.2)
    bson_ext (1.6.2)
      bson (~> 1.6.2)
    builder (3.0.0)
    cocaine (0.2.1)
    combustion (0.3.2)
      rails (>= 3.0.0)
      thor (>= 0.14.6)
    diff-lcs (1.1.3)
    erubis (2.7.0)
    growl (1.0.3)
    guard (0.8.8)
      thor (~> 0.14.6)
    guard-rspec (0.5.11)
      guard (>= 0.8.4)
    hike (1.2.1)
    i18n (0.6.0)
    journey (1.0.3)
    json (1.7.3)
    machinist (2.0)
    mail (2.4.4)
      i18n (>= 0.4.0)
      mime-types (~> 1.16)
      treetop (~> 1.4.8)
    metaclass (0.0.1)
    mime-types (1.18)
    mocha (0.11.4)
      metaclass (~> 0.0.1)
    mongo (1.6.2)
      bson (~> 1.6.2)
    mongoid (2.4.10)
      activemodel (~> 3.1)
      mongo (~> 1.3)
      tzinfo (~> 0.3.22)
    mongoid-tree (0.7.0)
      mongoid (~> 2.0)
    multi_json (1.3.6)
    paperclip (2.7.0)
      activerecord (>= 2.3.0)
      activesupport (>= 2.3.2)
      cocaine (>= 0.0.2)
      mime-types
    polyglot (0.3.3)
    rack (1.4.1)
    rack-cache (1.2)
      rack (>= 0.4)
    rack-ssl (1.3.2)
      rack
    rack-test (0.6.1)
      rack (>= 1.0)
    rails (3.2.3)
      actionmailer (= 3.2.3)
      actionpack (= 3.2.3)
      activerecord (= 3.2.3)
      activeresource (= 3.2.3)
      activesupport (= 3.2.3)
      bundler (~> 1.0)
      railties (= 3.2.3)
    railties (3.2.3)
      actionpack (= 3.2.3)
      activesupport (= 3.2.3)
      rack-ssl (~> 1.3.2)
      rake (>= 0.8.7)
      rdoc (~> 3.4)
      thor (~> 0.14.6)
    rake (0.9.2.2)
    rdoc (3.12)
      json (~> 1.4)
    rspec (2.10.0)
      rspec-core (~> 2.10.0)
      rspec-expectations (~> 2.10.0)
      rspec-mocks (~> 2.10.0)
    rspec-core (2.10.1)
    rspec-expectations (2.10.0)
      diff-lcs (~> 1.1.3)
    rspec-mocks (2.10.1)
    rspec-rails (2.10.1)
      actionpack (>= 3.0)
      activesupport (>= 3.0)
      railties (>= 3.0)
      rspec (~> 2.10.0)
    rspec-rails-mocha (0.3.2)
      mocha (>= 0.9.8)
      rspec-rails (>= 2.0.0)
    simplecov (0.6.4)
      multi_json (~> 1.0)
      simplecov-html (~> 0.5.3)
    simplecov-html (0.5.3)
    sprockets (2.1.3)
      hike (~> 1.2)
      rack (~> 1.0)
      tilt (~> 1.1, != 1.3.0)
    thor (0.14.6)
    tilt (1.3.3)
    treetop (1.4.10)
      polyglot
      polyglot (>= 0.3.1)
    tzinfo (0.3.33)

PLATFORMS
  ruby

DEPENDENCIES
  combustion (~> 0.3.1)
  growl
  guard (= 0.8.8)
  guard-rspec
  machinist (~> 2.0)
  machinist_mongo!
  mocha (>= 0.10.0)
  mongoid-rspec!
  rake
  rspec (>= 2.10.0)
  rspec-rails (>= 2.10.0)
  rspec-rails-mocha (>= 0.3.1)
  simplecov
  transit!
